GEM
  remote: https://rubygems.org/
  specs:
    as-notifications (1.0.1)
    diff-lcs (1.2.5)
    i18n (0.6.9)
    multi_json (1.9.2)
    rake (10.3.1)
    rspec (2.14.1)
      rspec-core (~> 2.14.0)
      rspec-expectations (~> 2.14.0)
      rspec-mocks (~> 2.14.0)
    rspec-core (2.14.8)
    rspec-expectations (2.14.5)
      diff-lcs (>= 1.1.3, < 2.0)
    rspec-mocks (2.14.6)
    webmachine (1.2.2)
      as-notifications (~> 1.0)
      i18n (>= 0.4.0)
      multi_json

PLATFORMS
  ruby

DEPENDENCIES
  rake
  rspec
  webmachine
