GEM
  remote: https://rubygems.org/
  specs:
    activesupport (7.0.3.1)
      concurrent-ruby (~> 1.0, >= 1.0.2)
      i18n (>= 1.6, < 2)
      minitest (>= 5.1)
      tzinfo (~> 2.0)
    as-notifications (1.0.1)
    concurrent-ruby (1.1.10)
    diff-lcs (1.2.5)
    i18n (1.12.0)
      concurrent-ruby (~> 1.0)
    json (2.6.2)
    json_spec (1.1.1)
      multi_json (~> 1.0)
      rspec (~> 2.0)
    minitest (5.16.2)
    multi_json (1.9.2)
    mustache (0.99.5)
    rack (1.5.2)
    rack-test (0.6.2)
      rack (>= 1.0)
    rake (10.3.1)
    rspec (2.14.1)
      rspec-core (~> 2.14.0)
      rspec-expectations (~> 2.14.0)
      rspec-mocks (~> 2.14.0)
    rspec-core (2.14.8)
    rspec-expectations (2.14.5)
      diff-lcs (>= 1.1.3, < 2.0)
    rspec-mocks (2.14.6)
    rspec_api_documentation (3.0.0)
      activesupport (>= 3.0.0)
      i18n (>= 0.1.0)
      json (>= 1.4.6)
      mustache (>= 0.99.4)
      rspec (>= 2.14.0)
    tzinfo (2.0.5)
      concurrent-ruby (~> 1.0)
    webmachine (1.2.2)
      as-notifications (~> 1.0)
      i18n (>= 0.4.0)
      multi_json

PLATFORMS
  ruby

DEPENDENCIES
  json_spec
  rack-test
  rake
  rspec
  rspec_api_documentation
  webmachine
